PATH
  remote: .
  specs:
    trk_datatables (0.1.22)
      activesupport

GEM
  remote: https://rubygems.org/
  specs:
    activemodel (6.0.0)
      activesupport (= 6.0.0)
    activerecord (6.0.0)
      activemodel (= 6.0.0)
      activesupport (= 6.0.0)
    activesupport (6.0.0)
      concurrent-ruby (~> 1.0, >= 1.0.2)
      i18n (>= 0.7, < 2)
      minitest (~> 5.1)
      tzinfo (~> 1.1)
      zeitwerk (~> 2.1, >= 2.1.8)
    byebug (11.0.1)
    concurrent-ruby (1.1.5)
    database_cleaner (1.7.0)
    i18n (1.6.0)
      concurrent-ruby (~> 1.0)
    minitest (5.12.0)
    minitest-color (0.0.2)
      minitest (~> 5)
    pg (1.1.4)
    rake (13.0.1)
    sqlite3 (1.4.1)
    thread_safe (0.3.6)
    tzinfo (1.2.5)
      thread_safe (~> 0.1)
    zeitwerk (2.1.10)

PLATFORMS
  ruby

DEPENDENCIES
  activerecord (~> 6.0)
  bundler (~> 2.0)
  byebug
  database_cleaner
  minitest (~> 5.0)
  minitest-color
  pg
  rake (~> 13.0)
  sqlite3
  trk_datatables!

BUNDLED WITH
   2.0.2
