PATH
  remote: .
  specs:
    trk_datatables (0.2.8)
      activesupport

GEM
  remote: https://rubygems.org/
  specs:
    activemodel (6.1.3)
      activesupport (= 6.1.3)
    activerecord (6.1.3)
      activemodel (= 6.1.3)
      activesupport (= 6.1.3)
    activesupport (6.1.3)
      concurrent-ruby (~> 1.0, >= 1.0.2)
      i18n (>= 1.6, < 2)
      minitest (>= 5.1)
      tzinfo (~> 2.0)
      zeitwerk (~> 2.3)
    byebug (11.0.1)
    concurrent-ruby (1.1.8)
    database_cleaner (1.7.0)
    i18n (1.8.9)
      concurrent-ruby (~> 1.0)
    minitest (5.12.0)
    minitest-color (0.0.2)
      minitest (~> 5)
    pg (1.1.4)
    rake (10.5.0)
    sqlite3 (1.4.1)
    timecop (0.9.4)
    tzinfo (2.0.4)
      concurrent-ruby (~> 1.0)
    zeitwerk (2.4.2)

PLATFORMS
  ruby

DEPENDENCIES
  activerecord (~> 6.0)
  bundler (~> 2.0)
  byebug
  database_cleaner
  minitest (~> 5.0)
  minitest-color
  pg
  rake (~> 10.0)
  sqlite3
  timecop
  trk_datatables!

BUNDLED WITH
   2.1.4
