PATH
  remote: .
  specs:
    trk_datatables (0.2.13)
      activesupport

GEM
  remote: https://rubygems.org/
  specs:
    activemodel (7.0.3.1)
      activesupport (= 7.0.3.1)
    activerecord (7.0.3.1)
      activemodel (= 7.0.3.1)
      activesupport (= 7.0.3.1)
    activesupport (7.0.3.1)
      concurrent-ruby (~> 1.0, >= 1.0.2)
      i18n (>= 1.6, < 2)
      minitest (>= 5.1)
      tzinfo (~> 2.0)
    byebug (11.0.1)
    concurrent-ruby (1.1.10)
    database_cleaner (1.7.0)
    i18n (1.11.0)
      concurrent-ruby (~> 1.0)
    minitest (5.12.0)
    minitest-color (0.0.2)
      minitest (~> 5)
    pg (1.1.4)
    rake (10.5.0)
    sqlite3 (1.4.1)
    timecop (0.9.4)
    tzinfo (2.0.4)
      concurrent-ruby (~> 1.0)

PLATFORMS
  ruby

DEPENDENCIES
  activerecord (~> 7.0)
  bundler (~> 2.0)
  byebug
  database_cleaner
  minitest (~> 5.0)
  minitest-color
  pg
  rake (~> 10.0)
  sqlite3
  timecop
  trk_datatables!

BUNDLED WITH
   2.2.15
